GEM
  remote: https://rubygems.org/
  specs:
    activesupport (4.0.4)
      i18n (~> 0.6, >= 0.6.9)
      minitest (~> 4.2)
      multi_json (~> 1.3)
      thread_safe (~> 0.1)
      tzinfo (~> 0.3.37)
    atomic (1.1.16)
    droiuby (0.3.2)
      multipart-post
      nokogiri
      properties-ruby
      rake
      rubyzip (>= 1.0.0)
      thor
    i18n (0.6.9)
    logeasy (0.0.8)
    mini_portile (0.5.3)
    minitest (4.7.5)
    multi_json (1.9.2)
    multipart-post (2.0.0)
    nokogiri (1.6.1)
      mini_portile (~> 0.5.0)
    properties-ruby (0.0.4)
      logeasy (>= 0.0.4)
    rake (10.2.1)
    rubyzip (1.1.2)
    thor (0.19.1)
    thread_safe (0.3.1)
      atomic (>= 1.1.7, < 2)
    tzinfo (0.3.39)

PLATFORMS
  ruby

DEPENDENCIES
  activesupport
  droiuby
