GEM
  remote: https://rubygems.org/
  specs:
    chronic (0.10.2)
    droiuby (0.3.1)
      multipart-post
      nokogiri
      properties-ruby
      rake
      rubyzip (>= 1.0.0)
      thor
    logeasy (0.0.8)
    mini_portile (0.5.3)
    multipart-post (2.0.0)
    nokogiri (1.6.1)
      mini_portile (~> 0.5.0)
    properties-ruby (0.0.4)
      logeasy (>= 0.0.4)
    rake (10.2.1)
    rubyzip (1.1.2)
    thor (0.19.1)

PLATFORMS
  ruby

DEPENDENCIES
  chronic
  droiuby
